GEM
  remote: https://rubygems.org/
  specs:
    httparty (0.13.7)
      json (~> 1.8)
      multi_xml (>= 0.5.2)
    jruby-openssl (0.9.17-java)
    json (1.8.3-java)
    multi_xml (0.6.0)

PLATFORMS
  java

DEPENDENCIES
  httparty (~> 0.13.3)
  jruby-openssl (= 0.9.17)

BUNDLED WITH
   1.13.6
