GEM
  remote: https://rubygems.org/
  specs:
    httparty (0.18.1)
      mime-types (~> 3.0)
      multi_xml (>= 0.5.2)
    jruby-openssl (0.10.3-java)
    mime-types (3.3.1)
      mime-types-data (~> 3.2015)
    mime-types-data (3.2020.0512)
    multi_xml (0.6.0)

PLATFORMS
  java

DEPENDENCIES
  httparty (~> 0.18.1)
  jruby-openssl (= 0.10.3)

BUNDLED WITH
   2.1.4
